GEM
  remote: https://rubygems.org/
  specs:
    ruby-prof (0.16.2)

PLATFORMS
  ruby

DEPENDENCIES
  ruby-prof

BUNDLED WITH
   1.16.0
